GEM
  remote: https://rubygems.org/
  specs:
    rspec (1.3.2)

PLATFORMS
  x86_64-darwin-19

DEPENDENCIES
  rspec

RUBY VERSION
   ruby 3.0.1p64

BUNDLED WITH
   2.2.15
